GEM
  remote: https://ruby.taobao.org/
  specs:
    rake (10.5.0)

PLATFORMS
  ruby

DEPENDENCIES
  rake (~> 10.0)

BUNDLED WITH
   1.10.6
